GEM
  remote: https://rubygems.org/
  specs:
    domain_name (0.5.20160128)
      unf (>= 0.0.5, < 1.0.0)
    factual (0.1.3)
      hashie
      httparty
      rash
    hashie (2.0.5)
    http-cookie (1.0.2)
      domain_name (~> 0.5)
    httparty (0.13.7)
      json (~> 1.8)
      multi_xml (>= 0.5.2)
    json (1.8.3)
    mime-types (2.99.1)
    multi_xml (0.5.5)
    netrc (0.11.0)
    rack (1.6.4)
    rack-protection (1.5.3)
      rack
    rash (0.4.0)
      hashie (~> 2.0.0)
    rest-client (1.8.0)
      http-cookie (>= 1.0.2, < 2.0)
      mime-types (>= 1.16, < 3.0)
      netrc (~> 0.7)
    sinatra (1.4.7)
      rack (~> 1.5)
      rack-protection (~> 1.4)
      tilt (>= 1.3, < 3)
    tilt (2.0.2)
    unf (0.1.4)
      unf_ext
    unf_ext (0.0.7.2)

PLATFORMS
  ruby

DEPENDENCIES
  factual
  rest-client
  sinatra

BUNDLED WITH
   1.11.2
